GIT
  remote: git://github.com/spree/spree.git
  revision: 1706124f2f94115bc422ce44bfb5f833a9dd3754
  specs:
    spree (0.50.99)
      spree_api (= 0.50.99)
      spree_auth (= 0.50.99)
      spree_core (= 0.50.99)
      spree_dash (= 0.50.99)
      spree_promo (= 0.50.99)
      spree_sample (= 0.50.99)
    spree_api (0.50.99)
      spree_core (= 0.50.99)
    spree_auth (0.50.99)
      cancan (= 1.5.1)
      devise (= 1.2.rc)
      spree_core (= 0.50.99)
    spree_core (0.50.99)
      activemerchant (= 1.9.0)
      acts_as_list (= 0.1.2)
      faker (= 0.9.4)
      highline (= 1.5.1)
      jquery-rails (= 0.2.6)
      meta_search (= 1.0.1)
      paperclip (= 2.3.8)
      rails (= 3.0.3)
      rd_awesome_nested_set (= 1.4.4)
      rd_resource_controller
      rd_unobtrusive_date_picker (= 0.1.0)
      state_machine (= 0.9.4)
      stringex (= 1.0.3)
      will_paginate (= 3.0.pre2)
    spree_dash (0.50.99)
      spree_core (= 0.50.99)
    spree_promo (0.50.99)
      spree_core (= 0.50.99)
    spree_sample (0.50.99)
      spree_core (= 0.50.99)

PATH
  remote: aged_revolt
  specs:
    aged_revolt (1.0.0)
      spree_core (>= 0.50.99)

PATH
  remote: vendor/gems/spree_easy_contact-1.0.2
  specs:
    spree_easy_contact (1.0.2)

GEM
  remote: http://rubygems.org/
  specs:
    abstract (1.0.0)
    actionmailer (3.0.3)
      actionpack (= 3.0.3)
      mail (~> 2.2.9)
    actionpack (3.0.3)
      activemodel (= 3.0.3)
      activesupport (= 3.0.3)
      builder (~> 2.1.2)
      erubis (~> 2.6.6)
      i18n (~> 0.4)
      rack (~> 1.2.1)
      rack-mount (~> 0.6.13)
      rack-test (~> 0.5.6)
      tzinfo (~> 0.3.23)
    activemerchant (1.9.0)
      activesupport (>= 2.3.2)
      braintree (>= 2.0.0)
      builder (>= 2.0.0)
    activemodel (3.0.3)
      activesupport (= 3.0.3)
      builder (~> 2.1.2)
      i18n (~> 0.4)
    activerecord (3.0.3)
      activemodel (= 3.0.3)
      activesupport (= 3.0.3)
      arel (~> 2.0.2)
      tzinfo (~> 0.3.23)
    activeresource (3.0.3)
      activemodel (= 3.0.3)
      activesupport (= 3.0.3)
    activesupport (3.0.3)
    acts_as_list (0.1.2)
    arel (2.0.7)
    bcrypt-ruby (2.1.4)
    braintree (2.7.0)
      builder
    builder (2.1.2)
    cancan (1.5.1)
    ckeditor (3.4.2.pre)
      mime-types (>= 1.16)
    columnize (0.3.2)
    devise (1.2.rc)
      bcrypt-ruby (~> 2.1.2)
      orm_adapter (~> 0.0.2)
      warden (~> 1.0.2)
    erubis (2.6.6)
      abstract (>= 1.0.0)
    faker (0.9.4)
      i18n (~> 0.4)
    haml (3.0.25)
    highline (1.5.1)
    honeypot-captcha (0.0.2)
    i18n (0.5.0)
    jquery-rails (0.2.6)
      rails (~> 3.0)
      thor (~> 0.14.4)
    linecache (0.43)
    mail (2.2.14)
      activesupport (>= 2.3.6)
      i18n (>= 0.4.0)
      mime-types (~> 1.16)
      treetop (~> 1.4.8)
    meta_search (1.0.1)
      actionpack (~> 3.0.2)
      activerecord (~> 3.0.2)
      activesupport (~> 3.0.2)
      arel (~> 2.0.2)
    mime-types (1.16)
    mysql (2.8.1)
    orm_adapter (0.0.4)
    paperclip (2.3.8)
      activerecord
      activesupport
    polyglot (0.3.1)
    rack (1.2.1)
    rack-mount (0.6.13)
      rack (>= 1.0.0)
    rack-test (0.5.7)
      rack (>= 1.0)
    rails (3.0.3)
      actionmailer (= 3.0.3)
      actionpack (= 3.0.3)
      activerecord (= 3.0.3)
      activeresource (= 3.0.3)
      activesupport (= 3.0.3)
      bundler (~> 1.0)
      railties (= 3.0.3)
    railties (3.0.3)
      actionpack (= 3.0.3)
      activesupport (= 3.0.3)
      rake (>= 0.8.7)
      thor (~> 0.14.4)
    rake (0.8.7)
    rd_awesome_nested_set (1.4.4)
      activerecord (>= 1.1)
    rd_resource_controller (1.0.1)
    rd_unobtrusive_date_picker (0.1.0)
    ruby-debug (0.10.4)
      columnize (>= 0.1)
      ruby-debug-base (~> 0.10.4.0)
    ruby-debug-base (0.10.4)
      linecache (>= 0.3)
    state_machine (0.9.4)
    stringex (1.0.3)
    thor (0.14.6)
    treetop (1.4.9)
      polyglot (>= 0.3.1)
    tzinfo (0.3.24)
    warden (1.0.3)
      rack (>= 1.0.0)
    will_paginate (3.0.pre2)

PLATFORMS
  ruby

DEPENDENCIES
  aged_revolt!
  ckeditor (= 3.4.2.pre)
  haml
  honeypot-captcha
  mysql
  rails (= 3.0.3)
  ruby-debug
  spree
  spree_core!
  spree_easy_contact (= 1.0.2)!
